GIT
  remote: git://github.com/binarylogic/authlogic.git
  revision: 66ed79515919fe13016911b10ebe734cf8718dc7
  specs:
    authlogic (2.1.6)
      activesupport

GIT
  remote: git://github.com/mislav/will_paginate.git
  revision: b1a5beeec9f56ecbe3594fcdca76d92b6767ce50
  branch: rails3
  specs:
    will_paginate (3.0.pre3)

GIT
  remote: git://github.com/stffn/declarative_authorization.git
  revision: 1e393fecef239e3acf4f34575460db0b0252cc38
  specs:
    declarative_authorization (0.5.2)

PATH
  remote: ~/turkee
  specs:
    turkee (1.0.4)

GEM
  remote: http://rubygems.org/
  specs:
    abstract (1.0.0)
    actionmailer (3.0.4)
      actionpack (= 3.0.4)
      mail (~> 2.2.15)
    actionpack (3.0.4)
      activemodel (= 3.0.4)
      activesupport (= 3.0.4)
      builder (~> 2.1.2)
      erubis (~> 2.6.6)
      i18n (~> 0.4)
      rack (~> 1.2.1)
      rack-mount (~> 0.6.13)
      rack-test (~> 0.5.7)
      tzinfo (~> 0.3.23)
    active_hash (0.9.0)
      activesupport (>= 2.2.2)
    activemodel (3.0.4)
      activesupport (= 3.0.4)
      builder (~> 2.1.2)
      i18n (~> 0.4)
    activerecord (3.0.4)
      activemodel (= 3.0.4)
      activesupport (= 3.0.4)
      arel (~> 2.0.2)
      tzinfo (~> 0.3.23)
    activeresource (3.0.4)
      activemodel (= 3.0.4)
      activesupport (= 3.0.4)
    activesupport (3.0.4)
    acts_as_list (0.1.2)
    annotate (2.4.0)
    arel (2.0.9)
    aws-s3 (0.6.2)
      builder
      mime-types
      xml-simple
    builder (2.1.2)
    dynamic_form (1.1.3)
    erubis (2.6.6)
      abstract (>= 1.0.0)
    formtastic (1.2.3)
      actionpack (>= 2.3.7)
      activesupport (>= 2.3.7)
      i18n (~> 0.4)
    hoptoad_notifier (2.4.5)
      activesupport
      builder
    i18n (0.5.0)
    lockfile (1.4.3)
    mail (2.2.15)
      activesupport (>= 2.3.6)
      i18n (>= 0.4.0)
      mime-types (~> 1.16)
      treetop (~> 1.4.8)
    mime-types (1.16)
    mysql (2.8.1)
    nokogiri (1.4.4)
    oauth (0.4.4)
    paperclip (2.3.8)
      activerecord
      activesupport
    polyglot (0.3.1)
    rack (1.2.2)
    rack-mount (0.6.14)
      rack (>= 1.0.0)
    rack-test (0.5.7)
      rack (>= 1.0)
    rails (3.0.4)
      actionmailer (= 3.0.4)
      actionpack (= 3.0.4)
      activerecord (= 3.0.4)
      activeresource (= 3.0.4)
      activesupport (= 3.0.4)
      bundler (~> 1.0)
      railties (= 3.0.4)
    railties (3.0.4)
      actionpack (= 3.0.4)
      activesupport (= 3.0.4)
      rake (>= 0.8.7)
      thor (~> 0.14.4)
    rake (0.8.7)
    rest-client (1.6.1)
      mime-types (>= 1.16)
    rturk (2.3.4)
      nokogiri (>= 1.4.1)
      rest-client (>= 1.4.0)
    thor (0.14.6)
    treetop (1.4.9)
      polyglot (>= 0.3.1)
    tzinfo (0.3.25)
    userstamp (2.0.1)
    xml-simple (1.0.15)
    youtube_it (1.4.1)
      builder
      oauth (>= 0.4.4)

PLATFORMS
  ruby

DEPENDENCIES
  active_hash (= 0.9.0)
  acts_as_list (= 0.1.2)
  annotate (= 2.4.0)
  authlogic!
  aws-s3 (= 0.6.2)
  declarative_authorization!
  dynamic_form (= 1.1.3)
  formtastic (= 1.2.3)
  hoptoad_notifier (= 2.4.5)
  lockfile (= 1.4.3)
  mysql (= 2.8.1)
  nokogiri (= 1.4.4)
  oauth (= 0.4.4)
  paperclip (= 2.3.8)
  rails (= 3.0.4)
  rturk
  turkee!
  userstamp (= 2.0.1)
  will_paginate!
  youtube_it (= 1.4.1)
