GIT
  remote: git://github.com/binarylogic/authlogic.git
  revision: 66ed79515919fe13016911b10ebe734cf8718dc7
  specs:
    authlogic (2.1.6)
      activesupport

GIT
  remote: git://github.com/mislav/will_paginate.git
  revision: b1a5beeec9f56ecbe3594fcdca76d92b6767ce50
  branch: rails3
  specs:
    will_paginate (3.0.pre3)

GIT
  remote: git://github.com/stffn/declarative_authorization.git
  revision: 7b55386f3f10c7ed7d32e9aabb3da7c70115f63d
  specs:
    declarative_authorization (0.5.2)

GIT
  remote: https://github.com/FooBarWidget/default_value_for.git
  revision: f98711683f9153d720937327dddf3899b53e9cf5
  specs:
    default_value_for (1.0.1)

GIT
  remote: https://github.com/antonysastre/s3-swf-upload-plugin.git
  revision: 6fb55c6a58b0136713c2d07251b902208d2fdb19
  specs:
    s3_swf_upload (0.3.2)

GEM
  remote: http://rubygems.org/
  specs:
    abstract (1.0.0)
    actionmailer (3.0.4)
      actionpack (= 3.0.4)
      mail (~> 2.2.15)
    actionpack (3.0.4)
      activemodel (= 3.0.4)
      activesupport (= 3.0.4)
      builder (~> 2.1.2)
      erubis (~> 2.6.6)
      i18n (~> 0.4)
      rack (~> 1.2.1)
      rack-mount (~> 0.6.13)
      rack-test (~> 0.5.7)
      tzinfo (~> 0.3.23)
    active_hash (0.9.2)
      activesupport (>= 2.2.2)
    activemodel (3.0.4)
      activesupport (= 3.0.4)
      builder (~> 2.1.2)
      i18n (~> 0.4)
    activerecord (3.0.4)
      activemodel (= 3.0.4)
      activesupport (= 3.0.4)
      arel (~> 2.0.2)
      tzinfo (~> 0.3.23)
    activeresource (3.0.4)
      activemodel (= 3.0.4)
      activesupport (= 3.0.4)
    activesupport (3.0.4)
    acts_as_list (0.1.2)
    annotate (2.4.0)
    arel (2.0.9)
    aws-s3 (0.6.2)
      builder
      mime-types
      xml-simple
    builder (2.1.2)
    columnize (0.3.2)
    dynamic_form (1.1.3)
    erubis (2.6.6)
      abstract (>= 1.0.0)
    fakeweb (1.3.0)
    formtastic (1.2.3)
      actionpack (>= 2.3.7)
      activesupport (>= 2.3.7)
      i18n (~> 0.4)
    git (1.2.5)
    hoptoad_notifier (2.4.5)
      activesupport
      builder
    i18n (0.5.0)
    jeweler (1.5.2)
      bundler (~> 1.0.0)
      git (>= 1.2.5)
      rake
    json (1.5.1)
    linecache (0.43)
    lockfile (1.4.3)
    mail (2.2.16)
      activesupport (>= 2.3.6)
      i18n (>= 0.4.0)
      mime-types (~> 1.16)
      treetop (~> 1.4.8)
    mime-types (1.16)
    mysql (2.8.1)
    nokogiri (1.4.4)
    oauth (0.4.4)
    paperclip (2.3.8)
      activerecord
      activesupport
    polyglot (0.3.1)
    rack (1.2.2)
    rack-mount (0.6.14)
      rack (>= 1.0.0)
    rack-test (0.5.7)
      rack (>= 1.0)
    rails (3.0.4)
      actionmailer (= 3.0.4)
      actionpack (= 3.0.4)
      activerecord (= 3.0.4)
      activeresource (= 3.0.4)
      activesupport (= 3.0.4)
      bundler (~> 1.0)
      railties (= 3.0.4)
    railties (3.0.4)
      actionpack (= 3.0.4)
      activesupport (= 3.0.4)
      rake (>= 0.8.7)
      thor (~> 0.14.4)
    rake (0.8.7)
    rest-client (1.6.1)
      mime-types (>= 1.16)
    rspec (1.3.2)
    rturk (2.3.6)
      fakeweb
      jeweler
      nokogiri
      nokogiri (>= 1.4.1)
      rest-client
      rest-client (>= 1.4.0)
      rspec (~> 1.3.1)
    ruby-debug (0.10.4)
      columnize (>= 0.1)
      ruby-debug-base (~> 0.10.4.0)
    ruby-debug-base (0.10.4)
      linecache (>= 0.3)
    thor (0.14.6)
    treetop (1.4.9)
      polyglot (>= 0.3.1)
    tzinfo (0.3.26)
    userstamp (2.0.1)
    xml-simple (1.0.15)
    youtube_it (1.4.1)
      builder
      oauth (>= 0.4.4)

PLATFORMS
  ruby

DEPENDENCIES
  active_hash (= 0.9.2)
  acts_as_list (= 0.1.2)
  annotate (= 2.4.0)
  authlogic!
  aws-s3 (= 0.6.2)
  declarative_authorization!
  default_value_for!
  dynamic_form (= 1.1.3)
  formtastic (= 1.2.3)
  hoptoad_notifier (= 2.4.5)
  json (= 1.5.1)
  lockfile (= 1.4.3)
  mysql (= 2.8.1)
  nokogiri (= 1.4.4)
  oauth (= 0.4.4)
  paperclip (= 2.3.8)
  rails (= 3.0.4)
  rturk
  ruby-debug
  s3_swf_upload!
  userstamp (= 2.0.1)
  will_paginate!
  youtube_it (= 1.4.1)
